GEM
  remote: https://rubygems.org/
  specs:
    daemons (1.2.6)
    erubis (2.7.0)
    eventmachine (1.2.7)
    mini_portile2 (2.3.0)
    multi_json (1.15.0)
    mustermann (1.1.1)
      ruby2_keywords (~> 0.0.1)
    nokogiri (1.8.3)
      mini_portile2 (~> 2.3.0)
    oj (2.12.1)
    rack (2.2.3)
    rack-protection (2.2.0)
      rack
    rake (10.4.2)
    ruby2_keywords (0.0.5)
    sass (3.4.13)
    shotgun (0.9.2)
      rack (>= 1.0)
    sinatra (2.2.0)
      mustermann (~> 1.0)
      rack (~> 2.2)
      rack-protection (= 2.2.0)
      tilt (~> 2.0)
    sinatra-contrib (2.2.0)
      multi_json
      mustermann (~> 1.0)
      rack-protection (= 2.2.0)
      sinatra (= 2.2.0)
      tilt (~> 2.0)
    sinatra-flash (0.3.0)
      sinatra (>= 1.0.0)
    thin (1.7.2)
      daemons (~> 1.0, >= 1.0.9)
      eventmachine (~> 1.0, >= 1.0.4)
      rack (>= 1, < 3)
    tilt (2.0.10)

PLATFORMS
  ruby

DEPENDENCIES
  erubis (~> 2.7.0)
  nokogiri (>= 1.8.2)
  oj
  rake
  sass
  shotgun (>= 0.9.1)
  sinatra (>= 2.0.2)
  sinatra-contrib (>= 2.0.2)
  sinatra-flash (>= 0.3.0)
  thin (>= 1.6.3)

BUNDLED WITH
   1.16.1
